PATH
  remote: .
  specs:
    media_embed (0.1.1)

GEM
  remote: https://rubygems.org/
  specs:
    coderay (1.1.1)
    method_source (0.8.2)
    minitest (5.9.1)
    minitest-utils (0.3.1)
      minitest
    pry (0.10.3)
      coderay (~> 1.1.0)
      method_source (~> 0.8.1)
      slop (~> 3.4)
    pry-nav (0.2.4)
      pry (>= 0.9.10, < 0.11.0)
    rake (11.3.0)
    slop (3.6.0)
    sqlite3 (1.3.11)

PLATFORMS
  ruby

DEPENDENCIES
  media_embed!
  minitest-utils
  pry
  pry-nav
  rake
  sqlite3

BUNDLED WITH
   1.13.2
